GEM
  remote: https://rubygems.org/
  specs:
    test-unit (2.5.5)

PLATFORMS
  ruby
  x64-mingw32

DEPENDENCIES
  test-unit

BUNDLED WITH
   1.17.3
